GIT
  remote: git://github.com/MiraitSystems/enju_trunk_circulation.git
  revision: b58384298074fe75916d47832940042b779addb9
  specs:
    enju_trunk_circulation (1.0)
      attribute_normalizer
      breadcrumbs_on_rails
      cancan
      rails (~> 3.2.8)
      state_machine

GIT
  remote: git://github.com/MiraitSystems/enju_trunk_event.git
  revision: e922a00a7beecc11618f629b1c490dfd1dbe8db4
  specs:
    enju_trunk_event (1.0)
      enju_core (~> 0.1.1.pre)
      event-calendar (~> 2.3.3)
      has_scope
      inherited_resources
      paperclip
      rails (~> 3.2)
      simple_form
      state_machine

GIT
  remote: git://github.com/MiraitSystems/enju_trunk_ill.git
  revision: a4e02e788172843d552352a45fb72289bec8aaae
  specs:
    enju_trunk_ill (0.1)
      rails (~> 3.2.8)

GIT
  remote: git://github.com/MiraitSystems/enju_trunk_message.git
  revision: f55fb10e43f3a9d0b5008e186a1511a2f3f7cd8e
  specs:
    enju_message (0.1.14.pre3.t.1.0)
      awesome_nested_set (~> 2.1)
      enju_core (~> 0.1.1.pre2)
      inherited_resources
      rails (~> 3.2)
      resque_mailer
      simple_form
      state_machine

GIT
  remote: git://github.com/MiraitSystems/enju_trunk_ndl.git
  revision: 3d4aa48f2671cca20552dbb33c9697fcabc1918c
  specs:
    enju_ndl (1.0)
      library_stdnums
      lisbn
      nokogiri
      rails (~> 3.2)

GIT
  remote: git://github.com/MiraitSystems/enju_trunk_statistics.git
  revision: 09d72ca13149eb741569bfddb7f2443470a6d6a5
  specs:
    enju_trunk_statistics (1.0)
      rails (~> 3.2.8)

GIT
  remote: git://github.com/MiraitSystems/enju_trunk_subject.git
  revision: 761ae203dfa1dfc37a46a6cd8ed92697cff5b7b1
  specs:
    enju_trunk_subject (1.0.4)
      dynamic_form
      enju_core (~> 0.1.1.pre3)
      inherited_resources
      nokogiri
      rails (~> 3.2)

GIT
  remote: git://github.com/MiraitSystems/select2-rails.git
  revision: f7832be9925ac510a6a98ec001106068b241bd10
  specs:
    select2-rails (3.5.4)
      thor (~> 0.14)

GIT
  remote: git://github.com/emiko/enju_trunk_frbr.git
  revision: a61d08e7229afa1d86ee624c330fc2ddd6a623ea
  specs:
    enju_trunk_frbr (2.0.0)
      enju_core
      lisbn
      nori (~> 2.0)
      rails (~> 3.2)
      validates_timeliness

GIT
  remote: git://github.com/emiko/thinreports-generator.git
  revision: 5c207f641c742a4116e45a30d1e1b52abd4d05ba
  specs:
    thinreports (0.7.6)
      prawn (>= 0.12.0)

GIT
  remote: https://github.com/MiraitSystems/enju_trunk.git
  revision: 4df7f7929d48d1701021c68fc35690b77c619701
  specs:
    enju_trunk (0.0.1)
      activerecord-import
      acts-as-taggable-on (~> 2.2)
      acts_as_list
      addressable
      attribute_normalizer (~> 1.1)
      axlsx (~> 1.3.6)
      barby (~> 0.5)
      cancan (>= 1.6.7)
      chunky_png (= 1.2.5)
      client_side_validations
      daemons
      dalli (~> 2.6)
      delayed_job_active_record
      devise (~> 1.5)
      dynamic_form
      enju_manifestation_viewer (= 0.1.0.pre3)
      enju_oai (= 0.1.0.pre5)
      enju_trunk_subject
      file_wrapper
      friendly_id (~> 4.0)
      geocoder
      has_scope
      inherited_resources (~> 1.3)
      jpp_customercode_transfer (~> 0.0.2)
      jquery-rails (~> 3.0.4)
      jquery-ui-rails (~> 4.0.4)
      kaminari
      library_stdnums
      lisbn
      paper_trail (~> 2.6)
      paperclip (= 2.8)
      parallel
      prawn (= 1.0.0.rc1)
      progress_bar
      rack-protection
      rails (~> 3.2.17)
      rails_autolink
      redcarpet (~> 3.1.1)
      rghost (= 0.9.3)
      rghost_barcode
      rmagick
      roo (= 1.10.1)
      rqrcode
      rubyzip (= 0.9.9)
      settingslogic
      simple_form (~> 1.5)
      sitemap_generator (~> 3.0)
      spinjs-rails
      state_machine
      sunspot_rails (~> 2.0.0)
      validates_timeliness
      whenever (~> 0.6)

GEM
  remote: https://rubygems.org/
  specs:
    Ascii85 (1.0.2)
    actionmailer (3.2.18)
      actionpack (= 3.2.18)
      mail (~> 2.5.4)
    actionpack (3.2.18)
      activemodel (= 3.2.18)
      activesupport (= 3.2.18)
      builder (~> 3.0.0)
      erubis (~> 2.7.0)
      journey (~> 1.0.4)
      rack (~> 1.4.5)
      rack-cache (~> 1.2)
      rack-test (~> 0.6.1)
      sprockets (~> 2.2.1)
    activemodel (3.2.18)
      activesupport (= 3.2.18)
      builder (~> 3.0.0)
    activerecord (3.2.18)
      activemodel (= 3.2.18)
      activesupport (= 3.2.18)
      arel (~> 3.0.2)
      tzinfo (~> 0.3.29)
    activerecord-import (0.5.0)
      activerecord (>= 3.0)
    activeresource (3.2.18)
      activemodel (= 3.2.18)
      activesupport (= 3.2.18)
    activesupport (3.2.18)
      i18n (~> 0.6, >= 0.6.4)
      multi_json (~> 1.0)
    acts-as-taggable-on (2.4.1)
      rails (>= 3, < 5)
    acts_as_list (0.4.0)
      activerecord (>= 3.0)
    addressable (2.3.6)
    afm (0.2.2)
    arel (3.0.3)
    attribute_normalizer (1.1.0)
    awesome_nested_set (2.1.6)
      activerecord (>= 3.0.0)
    axlsx (1.3.6)
      htmlentities (~> 4.3.1)
      nokogiri (>= 1.4.1)
      rubyzip (>= 0.9.5)
    barby (0.6.1)
    bcrypt (3.1.7)
    bcrypt-ruby (3.1.5)
      bcrypt (>= 3.1.3)
    breadcrumbs_on_rails (2.3.0)
    builder (3.0.4)
    cancan (1.6.10)
    choice (0.1.6)
    chronic (0.10.2)
    chunky_png (1.2.5)
    client_side_validations (3.2.6)
    climate_control (0.0.3)
      activesupport (>= 3.0)
    cocaine (0.5.4)
      climate_control (>= 0.0.3, < 1.0)
    coffee-rails (3.2.2)
      coffee-script (>= 2.2.0)
      railties (~> 3.2.0)
    coffee-script (2.2.0)
      coffee-script-source
      execjs
    coffee-script-source (1.7.0)
    daemons (1.1.9)
    dalli (2.7.2)
    delayed_job (4.0.2)
      activesupport (>= 3.0, < 4.2)
    delayed_job_active_record (4.0.1)
      activerecord (>= 3.0, < 4.2)
      delayed_job (>= 3.0, < 4.1)
    devise (1.5.4)
      bcrypt-ruby (~> 3.0)
      orm_adapter (~> 0.0.3)
      warden (~> 1.1)
    dynamic_form (1.1.4)
    enju_book_jacket (0.1.0.pre2)
      rails (~> 3.2)
    enju_core (0.1.1.pre4)
      acts_as_list
      addressable
      attribute_normalizer (~> 1.1)
      cancan
      dalli
      devise
      friendly_id (~> 4.0)
      kaminari
      nested_form
      rails (~> 3.2)
      resque
      settingslogic
      sunspot_rails (~> 2.0.0)
    enju_manifestation_viewer (0.1.0.pre3)
      rails (~> 3.2)
    enju_oai (0.1.0.pre5)
      mobile-fu
      rails (~> 3.2)
    erubis (2.7.0)
    event-calendar (2.3.3)
    execjs (2.2.1)
    faraday (0.9.0)
      multipart-post (>= 1.2, < 3)
    file_wrapper (0.4.1)
    friendly_id (4.0.10.1)
      activerecord (>= 3.0, < 4.0)
    geocoder (1.2.2)
    google-spreadsheet-ruby (0.3.1)
      google_drive (>= 0.3.0)
    google_drive (0.3.9)
      nokogiri (>= 1.4.4, != 1.5.2, != 1.5.1)
      oauth (>= 0.3.6)
      oauth2 (>= 0.5.0)
    has_scope (0.6.0.rc)
      actionpack (>= 3.2, < 5)
      activesupport (>= 3.2, < 5)
    hashery (2.1.1)
    highline (1.6.21)
    hike (1.2.3)
    htmlentities (4.3.2)
    i18n (0.6.9)
    inherited_resources (1.5.0)
      has_scope (~> 0.6.0.rc)
      responders (~> 1.0)
    journey (1.0.4)
    jpp_customercode_transfer (0.0.2)
      rails (~> 3.2.3)
    jquery-rails (3.0.4)
      railties (>= 3.0, < 5.0)
      thor (>= 0.14, < 2.0)
    jquery-ui-rails (4.0.5)
      railties (>= 3.1.0)
    json (1.8.1)
    jwt (1.0.0)
    kaminari (0.16.1)
      actionpack (>= 3.0.0)
      activesupport (>= 3.0.0)
    library_stdnums (1.4.1)
    libv8 (3.16.14.3)
    lisbn (0.2.1)
      nokogiri
      nori (~> 2.0)
    log4r (1.1.10)
    mail (2.5.4)
      mime-types (~> 1.16)
      treetop (~> 1.4.8)
    mime-types (1.25.1)
    mini_portile (0.6.0)
    mobile-fu (1.3.1)
      rack-mobile-detect
      rails
    mono_logger (1.1.0)
    multi_json (1.10.1)
    multi_xml (0.5.5)
    multipart-post (2.0.0)
    nested_form (0.3.2)
    nokogiri (1.6.2.1)
      mini_portile (= 0.6.0)
    nori (2.4.0)
    oauth (0.4.7)
    oauth2 (0.9.4)
      faraday (>= 0.8, < 0.10)
      jwt (~> 1.0)
      multi_json (~> 1.3)
      multi_xml (~> 0.5)
      rack (~> 1.2)
    options (2.3.2)
    orm_adapter (0.0.7)
    paper_trail (2.7.2)
      activerecord (~> 3.0)
      railties (~> 3.0)
    paperclip (2.8.0)
      activerecord (>= 2.3.0)
      activesupport (>= 2.3.2)
      cocaine (>= 0.0.2)
      mime-types
    parallel (1.0.0)
    pdf-reader (1.3.3)
      Ascii85 (~> 1.0.0)
      afm (~> 0.2.0)
      hashery (~> 2.0)
      ruby-rc4
      ttfunk
    pg (0.17.1)
    polyglot (0.3.5)
    pr_geohash (1.0.0)
    prawn (1.0.0.rc1)
      pdf-reader (>= 0.9.0)
      ttfunk (~> 1.0.3)
    progress_bar (1.0.2)
      highline (~> 1.6.1)
      options (~> 2.3.0)
    rack (1.4.5)
    rack-cache (1.2)
      rack (>= 0.4)
    rack-mobile-detect (0.4.0)
      rack
    rack-protection (1.5.3)
      rack
    rack-ssl (1.3.4)
      rack
    rack-test (0.6.2)
      rack (>= 1.0)
    rails (3.2.18)
      actionmailer (= 3.2.18)
      actionpack (= 3.2.18)
      activerecord (= 3.2.18)
      activeresource (= 3.2.18)
      activesupport (= 3.2.18)
      bundler (~> 1.0)
      railties (= 3.2.18)
    rails_autolink (1.1.6)
      rails (> 3.1)
    railties (3.2.18)
      actionpack (= 3.2.18)
      activesupport (= 3.2.18)
      rack-ssl (~> 1.3.2)
      rake (>= 0.8.7)
      rdoc (~> 3.4)
      thor (>= 0.14.6, < 2.0)
    rake (10.3.2)
    rdoc (3.12.2)
      json (~> 1.4)
    redcarpet (3.1.2)
    redis (3.1.0)
    redis-namespace (1.5.0)
      redis (~> 3.0, >= 3.0.4)
    ref (1.0.5)
    responders (1.1.0)
      railties (>= 3.2, < 5)
    resque (1.25.2)
      mono_logger (~> 1.0)
      multi_json (~> 1.0)
      redis-namespace (~> 1.3)
      sinatra (>= 0.9.2)
      vegas (~> 0.1.2)
    resque_mailer (2.2.6)
      actionmailer (>= 3.0)
    rghost (0.9.3)
    rghost_barcode (0.9)
    rmagick (2.13.2)
    roo (1.10.1)
      choice (>= 0.1.4)
      google-spreadsheet-ruby (>= 0.1.5)
      nokogiri (>= 1.5.0)
      rubyzip (>= 0.9.4)
      spreadsheet (> 0.6.4)
      todonotes (>= 0.1.0)
    rqrcode (0.4.2)
    rsolr (1.0.10)
      builder (>= 2.1.2)
    ruby-ole (1.2.11.7)
    ruby-rc4 (0.1.5)
    rubyzip (0.9.9)
    sass (3.3.9)
    sass-rails (3.2.6)
      railties (~> 3.2.0)
      sass (>= 3.1.10)
      tilt (~> 1.3)
    settingslogic (2.0.9)
    simple_form (1.5.2)
      actionpack (~> 3.0)
      activemodel (~> 3.0)
    sinatra (1.4.5)
      rack (~> 1.4)
      rack-protection (~> 1.4)
      tilt (~> 1.3, >= 1.3.4)
    sitemap_generator (3.4)
      builder
    spinjs-rails (1.3)
      rails (>= 3.1)
    spreadsheet (0.9.7)
      ruby-ole (>= 1.0)
    sprockets (2.2.2)
      hike (~> 1.2)
      multi_json (~> 1.0)
      rack (~> 1.0)
      tilt (~> 1.1, != 1.3.0)
    state_machine (1.2.0)
    sunspot (2.0.0)
      pr_geohash (~> 1.0)
      rsolr (~> 1.0.7)
    sunspot_rails (2.0.0)
      nokogiri
      sunspot (= 2.0.0)
    sunspot_solr (2.0.0)
    therubyracer (0.12.1)
      libv8 (~> 3.16.14.0)
      ref
    thor (0.19.1)
    tilt (1.4.1)
    timeliness (0.3.7)
    todonotes (0.1.1)
      log4r
    treetop (1.4.15)
      polyglot
      polyglot (>= 0.3.1)
    ttfunk (1.0.3)
    tzinfo (0.3.39)
    uglifier (2.5.1)
      execjs (>= 0.3.0)
      json (>= 1.8.0)
    validates_timeliness (3.0.14)
      timeliness (~> 0.3.6)
    vegas (0.1.11)
      rack (>= 1.0.0)
    warden (1.2.3)
      rack (>= 1.0)
    whenever (0.9.2)
      activesupport (>= 2.3.4)
      chronic (>= 0.6.3)

PLATFORMS
  ruby

DEPENDENCIES
  coffee-rails (~> 3.2.1)
  enju_book_jacket (= 0.1.0.pre2)
  enju_message!
  enju_ndl!
  enju_trunk!
  enju_trunk_circulation!
  enju_trunk_event!
  enju_trunk_frbr!
  enju_trunk_ill!
  enju_trunk_statistics!
  enju_trunk_subject!
  jquery-rails
  pg
  rails (= 3.2.18)
  sass-rails (~> 3.2.3)
  select2-rails!
  sunspot_solr (~> 2.0.0)
  therubyracer
  thinreports!
  uglifier (>= 1.0.3)
